GEM
  remote: https://rubygems.org/
  specs:
    actionmailer (3.2.6)
      actionpack (= 3.2.6)
      mail (~> 2.4.4)
    actionpack (3.2.6)
      activemodel (= 3.2.6)
      activesupport (= 3.2.6)
      builder (~> 3.0.0)
      erubis (~> 2.7.0)
      journey (~> 1.0.1)
      rack (~> 1.4.0)
      rack-cache (~> 1.2)
      rack-test (~> 0.6.1)
      sprockets (~> 2.1.3)
    activeadmin (0.4.4)
      bourbon (>= 1.0.0)
      devise (>= 1.1.2)
      fastercsv
      formtastic (~> 2.1.1)
      inherited_resources (>= 1.3.1)
      jquery-rails (>= 1.0.0)
      kaminari (>= 0.13.0)
      meta_search (>= 0.9.2)
      rails (>= 3.0.0)
      sass (>= 3.1.0)
    activemodel (3.2.6)
      activesupport (= 3.2.6)
      builder (~> 3.0.0)
    activerecord (3.2.6)
      activemodel (= 3.2.6)
      activesupport (= 3.2.6)
      arel (~> 3.0.2)
      tzinfo (~> 0.3.29)
    activeresource (3.2.6)
      activemodel (= 3.2.6)
      activesupport (= 3.2.6)
    activesupport (3.2.6)
      i18n (~> 0.6)
      multi_json (~> 1.0)
    arel (3.0.2)
    bcrypt-ruby (3.0.1)
    bootstrap-sass (2.0.4.0)
    bourbon (2.1.1)
      sass (>= 3.1)
    builder (3.0.0)
    cancan (1.6.8)
    chunky_png (1.2.5)
    coffee-rails (3.2.2)
      coffee-script (>= 2.2.0)
      railties (~> 3.2.0)
    coffee-script (2.2.0)
      coffee-script-source
      execjs
    coffee-script-source (1.3.3)
    compass (0.12.2)
      chunky_png (~> 1.2)
      fssm (>= 0.2.7)
      sass (~> 3.1)
    compass-rails (1.0.3)
      compass (>= 0.12.2, < 0.14)
    devise (2.1.2)
      bcrypt-ruby (~> 3.0)
      orm_adapter (~> 0.1)
      railties (~> 3.1)
      warden (~> 1.2.1)
    erubis (2.7.0)
    execjs (1.4.0)
      multi_json (~> 1.0)
    faker (1.0.1)
      i18n (~> 0.4)
    fastercsv (1.5.5)
    formtastic (2.1.1)
      actionpack (~> 3.0)
    fssm (0.2.9)
    has_scope (0.5.1)
    hike (1.2.1)
    i18n (0.6.0)
    inherited_resources (1.3.1)
      has_scope (~> 0.5.0)
      responders (~> 0.6)
    journey (1.0.4)
    jquery-datatables-rails (1.10.0)
      jquery-rails
    jquery-rails (2.0.2)
      railties (>= 3.2.0, < 5.0)
      thor (~> 0.14)
    jquery-ui-rails (1.1.0)
      jquery-rails
      railties (>= 3.1.0)
    json (1.7.4)
    kaminari (0.13.0)
      actionpack (>= 3.0.0)
      activesupport (>= 3.0.0)
      railties (>= 3.0.0)
    mail (2.4.4)
      i18n (>= 0.4.0)
      mime-types (~> 1.16)
      treetop (~> 1.4.8)
    meta_search (1.1.3)
      actionpack (~> 3.1)
      activerecord (~> 3.1)
      activesupport (~> 3.1)
      polyamorous (~> 0.5.0)
    migrant (1.3.2)
      faker
      rails (>= 3.0.0)
      term-ansicolor
    mime-types (1.19)
    multi_json (1.3.6)
    orm_adapter (0.4.0)
    pg (0.14.0)
    polyamorous (0.5.0)
      activerecord (~> 3.0)
    polyglot (0.3.3)
    rack (1.4.1)
    rack-cache (1.2)
      rack (>= 0.4)
    rack-ssl (1.3.2)
      rack
    rack-test (0.6.1)
      rack (>= 1.0)
    rails (3.2.6)
      actionmailer (= 3.2.6)
      actionpack (= 3.2.6)
      activerecord (= 3.2.6)
      activeresource (= 3.2.6)
      activesupport (= 3.2.6)
      bundler (~> 1.0)
      railties (= 3.2.6)
    railties (3.2.6)
      actionpack (= 3.2.6)
      activesupport (= 3.2.6)
      rack-ssl (~> 1.3.2)
      rake (>= 0.8.7)
      rdoc (~> 3.4)
      thor (>= 0.14.6, < 2.0)
    rake (0.9.2.2)
    rdoc (3.12)
      json (~> 1.4)
    responders (0.9.2)
      railties (~> 3.1)
    sass (3.1.20)
    sass-rails (3.2.5)
      railties (~> 3.2.0)
      sass (>= 3.1.10)
      tilt (~> 1.3)
    slim (1.2.2)
      temple (~> 0.4.0)
      tilt (~> 1.3.3)
    sprockets (2.1.3)
      hike (~> 1.2)
      rack (~> 1.0)
      tilt (~> 1.1, != 1.3.0)
    temple (0.4.0)
    term-ansicolor (1.0.7)
    thor (0.15.4)
    tilt (1.3.3)
    treetop (1.4.10)
      polyglot
      polyglot (>= 0.3.1)
    tzinfo (0.3.33)
    uglifier (1.2.6)
      execjs (>= 0.3.0)
      multi_json (~> 1.3)
    underscore-rails (1.3.1)
    warden (1.2.1)
      rack (>= 1.0)

PLATFORMS
  ruby

DEPENDENCIES
  activeadmin
  bootstrap-sass
  cancan
  coffee-rails (~> 3.2.1)
  compass-rails
  jquery-datatables-rails
  jquery-rails
  jquery-ui-rails
  migrant
  pg
  rails (= 3.2.6)
  sass-rails (~> 3.2.3)
  slim
  uglifier (>= 1.0.3)
  underscore-rails
